GEM
  remote: https://rubygems.org/
  specs:
    gosu (0.7.50)
    gosu_texture_packer (0.1.4)
      gosu
      json
      rmagick
    gosu_tiled (0.1.1)
      gosu
      json
    json (1.8.1)
    perlin_noise (0.1.2)
    rake (10.3.2)
    rmagick (2.13.2)
    ruby-prof (0.15.1)

PLATFORMS
  ruby

DEPENDENCIES
  gosu (~> 0.7.50)
  gosu_texture_packer
  gosu_tiled
  perlin_noise
  rake
  ruby-prof
