GEM
  remote: https://rubygems.org/
  specs:
    diff-lcs (1.2.5)
    gosu (0.7.50)
    gosu_texture_packer (0.1.4)
      gosu
      json
      rmagick
    gosu_tiled (0.1.1)
      gosu
      json
    json (1.8.1)
    perlin_noise (0.1.2)
    rake (10.3.2)
    rmagick (2.13.3)
    rspec (3.0.0)
      rspec-core (~> 3.0.0)
      rspec-expectations (~> 3.0.0)
      rspec-mocks (~> 3.0.0)
    rspec-core (3.0.3)
      rspec-support (~> 3.0.0)
    rspec-expectations (3.0.3)
      diff-lcs (>= 1.2.0, < 2.0)
      rspec-support (~> 3.0.0)
    rspec-mocks (3.0.3)
      rspec-support (~> 3.0.0)
    rspec-support (3.0.3)
    ruby-prof (0.15.1)

PLATFORMS
  ruby

DEPENDENCIES
  gosu (~> 0.7.50)
  gosu_texture_packer
  gosu_tiled
  perlin_noise
  rake
  rspec (~> 3.0.0)
  ruby-prof
